GEM
  remote: https://rubygems.org/
  specs:
    aws-sdk (2.2.3)
      aws-sdk-resources (= 2.2.3)
    aws-sdk-core (2.2.3)
      jmespath (~> 1.0)
    aws-sdk-resources (2.2.3)
      aws-sdk-core (= 2.2.3)
    coderay (1.1.0)
    jenkins_api_client (1.4.2)
      json
      mixlib-shellout (>= 1.1.0)
      nokogiri (~> 1.6.0)
      terminal-table (>= 1.4.0)
      thor (>= 0.16.0)
    jmespath (1.1.3)
    json (2.5.1)
    method_source (0.8.2)
    mini_portile (0.6.2)
    mixlib-shellout (2.2.3)
    nokogiri (1.6.6.3)
      mini_portile (~> 0.6.0)
    pry (0.10.1)
      coderay (~> 1.1.0)
      method_source (~> 0.8.1)
      slop (~> 3.4)
    slop (3.6.0)
    terminal-table (1.5.2)
    thor (0.19.1)
    trollop (2.1.2)

PLATFORMS
  ruby

DEPENDENCIES
  aws-sdk (~> 2)
  jenkins_api_client
  pry
  trollop

BUNDLED WITH
   1.10.6
